GEM
  remote: https://rubygems.org/
  specs:
    activesupport (5.1.5)
      concurrent-ruby (~> 1.0, >= 1.0.2)
      i18n (~> 0.7)
      minitest (~> 5.1)
      tzinfo (~> 1.1)
    addressable (2.5.2)
      public_suffix (>= 2.0.2, < 4.0)
    ansi (1.5.0)
    builder (3.2.2)
    coderay (1.1.1)
    concurrent-ruby (1.0.5)
    dotenv (2.2.1)
    faraday (0.13.1)
      multipart-post (>= 1.2, < 3)
    i18n (0.9.5)
      concurrent-ruby (~> 1.0)
    jwt (2.1.0)
    metaclass (0.0.4)
    method_source (0.8.2)
    minitest (5.10.1)
    minitest-focus (1.1.2)
      minitest (>= 4, < 6)
    minitest-reporters (1.0.5)
      ansi
      builder
      minitest (>= 5.0)
      ruby-progressbar
    mocha (1.1.0)
      metaclass (~> 0.0.1)
    multipart-post (2.0.0)
    mustermann (1.0.2)
    octokit (4.7.0)
      sawyer (~> 0.8.0, >= 0.5.3)
    pry (0.10.3)
      coderay (~> 1.1.0)
      method_source (~> 0.8.1)
      slop (~> 3.4)
    public_suffix (3.0.1)
    puma (3.12.0)
    rack (2.0.6)
    rack-protection (2.0.3)
      rack
    rack-test (0.6.3)
      rack (>= 1.0)
    rake (10.5.0)
    ruby-progressbar (1.7.5)
    sawyer (0.8.1)
      addressable (>= 2.3.5, < 2.6)
      faraday (~> 0.8, < 1.0)
    sinatra (2.0.3)
      mustermann (~> 1.0)
      rack (~> 2.0)
      rack-protection (= 2.0.3)
      tilt (~> 2.0)
    slack-notifier (2.3.2)
    slop (3.6.0)
    thread_safe (0.3.6)
    tilt (2.0.8)
    tzinfo (1.2.5)
      thread_safe (~> 0.1)

PLATFORMS
  ruby

DEPENDENCIES
  activesupport
  dotenv
  jwt
  minitest
  minitest-focus
  minitest-reporters
  mocha
  octokit
  pry
  puma
  rack-test
  rake
  sinatra
  slack-notifier

RUBY VERSION
   ruby 2.4.2p198

BUNDLED WITH
   1.16.1
